GIT
  remote: https://github.com/instedd/cdx-sync-server.git
  revision: 2e453e4e0c71b42fdf82d0893cd4950b3638ea5e
  branch: master
  specs:
    cdx-sync-server (0.0.0)
      filewatcher (= 0.3.6)

GIT
  remote: https://github.com/instedd/geojson_import
  revision: 4aefec763e8eba37b316530eccba24e7a233dda4
  branch: master
  specs:
    geojson_import (0.0.2)

GIT
  remote: https://github.com/instedd/paperclip
  revision: 909ed091f80c763f9da8ae6cca4f2a93e49d7a69
  branch: fix/v4.3.6-no-mimemagic
  specs:
    paperclip (4.3.6)
      activemodel (>= 3.2.0)
      activesupport (>= 3.2.0)
      cocaine (~> 0.5.5)
      mime-types

GIT
  remote: https://github.com/instedd/poirot_rails.git
  revision: c3e8ceeacd07a226b941a8cabb2dd762fa73846f
  branch: master
  specs:
    poirot_rails (0.0.4)
      bertrpc
      guid
      json
      rails (>= 3.2)

GIT
  remote: https://github.com/instedd/ruby-location_service.git
  revision: 830800eec4c4c7874dd6eb9ace576460fba7ba1e
  branch: master
  specs:
    location_service (0.1.0)
      rest-client (~> 1.6)

GIT
  remote: https://github.com/manastech/rails-view_components.git
  revision: 59861a6e716944441b4cd5e584bb3f36d0a7c37e
  branch: master
  specs:
    view_components (0.1.0)
      rails

GIT
  remote: https://github.com/phatworx/devise_security_extension
  revision: 8792c932084bc3f3efb1c2ffd05bc37723b15501
  tag: v0.7.2
  specs:
    devise_security_extension (0.7.2)
      devise (>= 2.0.0)
      rails (>= 3.1.1)

PATH
  remote: .
  specs:
    cdx (0.0.1)
      activesupport
    cdx-api-elasticsearch (0.0.1)
      activesupport
      cdx
      elasticsearch

GEM
  remote: https://rubygems.org/
  remote: https://rails-assets.org/
  specs:
    actioncable (5.0.7.2)
      actionpack (= 5.0.7.2)
      nio4r (>= 1.2, < 3.0)
      websocket-driver (~> 0.6.1)
    actionmailer (5.0.7.2)
      actionpack (= 5.0.7.2)
      actionview (= 5.0.7.2)
      activejob (= 5.0.7.2)
      mail (~> 2.5, >= 2.5.4)
      rails-dom-testing (~> 2.0)
    actionpack (5.0.7.2)
      actionview (= 5.0.7.2)
      activesupport (= 5.0.7.2)
      rack (~> 2.0)
      rack-test (~> 0.6.3)
      rails-dom-testing (~> 2.0)
      rails-html-sanitizer (~> 1.0, >= 1.0.2)
    actionview (5.0.7.2)
      activesupport (= 5.0.7.2)
      builder (~> 3.1)
      erubis (~> 2.7.0)
      rails-dom-testing (~> 2.0)
      rails-html-sanitizer (~> 1.0, >= 1.0.3)
    activejob (5.0.7.2)
      activesupport (= 5.0.7.2)
      globalid (>= 0.3.6)
    activemodel (5.0.7.2)
      activesupport (= 5.0.7.2)
    activerecord (5.0.7.2)
      activemodel (= 5.0.7.2)
      activesupport (= 5.0.7.2)
      arel (~> 7.0)
    activesupport (5.0.7.2)
      concurrent-ruby (~> 1.0, >= 1.0.2)
      i18n (>= 0.7, < 2)
      minitest (~> 5.1)
      tzinfo (~> 1.1)
    addressable (2.7.0)
      public_suffix (>= 2.0.2, < 5.0)
    ansi (1.5.0)
    arel (7.1.4)
    awesome_nested_set (3.4.0)
      activerecord (>= 4.0.0, < 7.0)
    aws-eventstream (1.1.1)
    aws-partitions (1.445.0)
    aws-sdk-core (3.114.0)
      aws-eventstream (~> 1, >= 1.0.2)
      aws-partitions (~> 1, >= 1.239.0)
      aws-sigv4 (~> 1.1)
      jmespath (~> 1.0)
    aws-sdk-kms (1.43.0)
      aws-sdk-core (~> 3, >= 3.112.0)
      aws-sigv4 (~> 1.1)
    aws-sdk-s3 (1.93.1)
      aws-sdk-core (~> 3, >= 3.112.0)
      aws-sdk-kms (~> 1)
      aws-sigv4 (~> 1.1)
    aws-sigv4 (1.2.3)
      aws-eventstream (~> 1, >= 1.0.2)
    babel-source (5.8.35)
    babel-transpiler (0.7.0)
      babel-source (>= 4.0, < 6)
      execjs (~> 2.0)
    backports (3.21.0)
    barby (0.6.8)
    base58 (0.2.3)
    bcrypt (3.1.16)
    bert (1.1.6)
    bertrpc (1.3.1)
      bert (>= 1.1.0, < 2.0.0)
    binding_of_caller (1.0.0)
      debug_inspector (>= 0.0.1)
    builder (3.2.4)
    byebug (11.1.3)
    capistrano (3.1.0)
      i18n
      rake (>= 10.0.0)
      sshkit (~> 1.3)
    capistrano-bundler (1.1.4)
      capistrano (~> 3.1)
      sshkit (~> 1.2)
    capistrano-rails (1.1.3)
      capistrano (~> 3.1)
      capistrano-bundler (~> 1.1)
    capistrano-rvm (0.1.2)
      capistrano (~> 3.0)
      sshkit (~> 1.2)
    capybara (3.35.3)
      addressable
      mini_mime (>= 0.1.3)
      nokogiri (~> 1.8)
      rack (>= 1.6.0)
      rack-test (>= 0.6.3)
      regexp_parser (>= 1.5, < 3.0)
      xpath (~> 3.2)
    capybara-mechanize (1.11.0)
      capybara (>= 2.4.4, < 4)
      mechanize (~> 2.7.0)
    capybara-screenshot (1.0.25)
      capybara (>= 1.0, < 4)
      launchy
    chunky_png (1.4.0)
    climate_control (0.2.0)
    clipboard (1.3.5)
    cliver (0.3.2)
    cocaine (0.5.8)
      climate_control (>= 0.0.3, < 1.0)
    coderay (1.1.3)
    colorize (0.7.7)
    concurrent-ruby (1.1.8)
    config (3.1.0)
      deep_merge (~> 1.2, >= 1.2.1)
      dry-validation (~> 1.0, >= 1.0.0)
    connection_pool (2.2.5)
    crack (0.4.2)
      safe_yaml (~> 1.0.0)
    crass (1.0.6)
    css_parser (1.9.0)
      addressable
    csv_builder (2.1.3)
      actionpack (>= 3.0.0)
    cucumber (3.2.0)
      builder (>= 2.1.2)
      cucumber-core (~> 3.2.0)
      cucumber-expressions (~> 6.0.1)
      cucumber-wire (~> 0.0.1)
      diff-lcs (~> 1.3)
      gherkin (~> 5.1.0)
      multi_json (>= 1.7.5, < 2.0)
      multi_test (>= 0.1.2)
    cucumber-core (3.2.1)
      backports (>= 3.8.0)
      cucumber-tag_expressions (~> 1.1.0)
      gherkin (~> 5.0)
    cucumber-expressions (6.0.1)
    cucumber-rails (2.0.0)
      capybara (>= 2.12, < 4)
      cucumber (>= 3.0.2, < 4)
      mime-types (>= 2.0, < 4)
      nokogiri (~> 1.8)
      railties (>= 4.2, < 7)
    cucumber-tag_expressions (1.1.1)
    cucumber-wire (0.0.1)
    d3_rails (4.1.1)
      railties (>= 3.1.0)
    database_cleaner (1.4.0)
    debug_inspector (1.1.0)
    decent_exposure (3.0.4)
      activesupport (>= 4.0)
    deep_merge (1.2.1)
    devise (4.7.3)
      bcrypt (~> 3.0)
      orm_adapter (~> 0.1)
      railties (>= 4.1.0)
      responders
      warden (~> 1.2.3)
    devise_invitable (2.0.4)
      actionmailer (>= 5.0)
      devise (>= 4.6)
    diff-lcs (1.4.4)
    domain_name (0.5.20190701)
      unf (>= 0.0.5, < 1.0.0)
    doorkeeper (3.0.1)
      railties (>= 3.2)
    dotiw (3.0.1)
      actionpack (>= 3)
      i18n
    dry-configurable (0.12.1)
      concurrent-ruby (~> 1.0)
      dry-core (~> 0.5, >= 0.5.0)
    dry-container (0.7.2)
      concurrent-ruby (~> 1.0)
      dry-configurable (~> 0.1, >= 0.1.3)
    dry-core (0.5.0)
      concurrent-ruby (~> 1.0)
    dry-equalizer (0.3.0)
    dry-inflector (0.2.0)
    dry-initializer (3.0.4)
    dry-logic (1.1.1)
      concurrent-ruby (~> 1.0)
      dry-core (~> 0.5, >= 0.5)
    dry-schema (1.6.2)
      concurrent-ruby (~> 1.0)
      dry-configurable (~> 0.8, >= 0.8.3)
      dry-core (~> 0.5, >= 0.5)
      dry-initializer (~> 3.0)
      dry-logic (~> 1.0)
      dry-types (~> 1.5)
    dry-types (1.5.1)
      concurrent-ruby (~> 1.0)
      dry-container (~> 0.3)
      dry-core (~> 0.5, >= 0.5)
      dry-inflector (~> 0.1, >= 0.1.2)
      dry-logic (~> 1.0, >= 1.0.2)
    dry-validation (1.6.0)
      concurrent-ruby (~> 1.0)
      dry-container (~> 0.7, >= 0.7.1)
      dry-core (~> 0.4)
      dry-equalizer (~> 0.2)
      dry-initializer (~> 3.0)
      dry-schema (~> 1.5, >= 1.5.2)
    elasticsearch (1.0.12)
      elasticsearch-api (= 1.0.12)
      elasticsearch-transport (= 1.0.12)
    elasticsearch-api (1.0.12)
      multi_json
    elasticsearch-transport (1.0.12)
      faraday
      multi_json
    encryptor (1.3.0)
    erubis (2.7.0)
    et-orbi (1.2.4)
      tzinfo
    execjs (2.7.0)
    faker (1.5.0)
      i18n (~> 0.5)
    faraday (1.3.0)
      faraday-net_http (~> 1.0)
      multipart-post (>= 1.2, < 3)
      ruby2_keywords
    faraday-net_http (1.0.1)
    ffi (1.15.0)
    filewatcher (0.3.6)
      trollop (~> 2.0)
    foreman (0.87.2)
    formatador (0.2.5)
    fugit (1.4.4)
      et-orbi (~> 1.1, >= 1.1.8)
      raabro (~> 1.4)
    gherkin (5.1.0)
    globalid (0.4.2)
      activesupport (>= 4.2.0)
    gon (6.4.0)
      actionpack (>= 3.0.20)
      i18n (>= 0.7)
      multi_json
      request_store (>= 1.0)
    guard (2.13.0)
      formatador (>= 0.2.4)
      listen (>= 2.7, <= 4.0)
      lumberjack (~> 1.0)
      nenv (~> 0.1)
      notiffany (~> 0.0)
      pry (>= 0.9.12)
      shellany (~> 0.0)
      thor (>= 0.18.1)
    guard-compat (1.2.1)
    guard-rspec (4.6.4)
      guard (~> 2.1)
      guard-compat (~> 1.1)
      rspec (>= 2.99.0, < 4.0)
    guid (0.1.1)
    haml (5.2.1)
      temple (>= 0.8.0)
      tilt
    haml-rails (1.0.0)
      actionpack (>= 4.0.1)
      activesupport (>= 4.0.1)
      haml (>= 4.0.6, < 6.0)
      html2haml (>= 1.0.1)
      railties (>= 4.0.1)
    hashdiff (0.2.2)
    hashie (4.1.0)
    hashr (0.0.22)
    html2haml (2.2.0)
      erubis (~> 2.7.0)
      haml (>= 4.0, < 6)
      nokogiri (>= 1.6.0)
      ruby_parser (~> 3.5)
    htmlentities (4.3.4)
    http-cookie (1.0.3)
      domain_name (~> 0.5)
    i18n (0.9.5)
      concurrent-ruby (~> 1.0)
    interception (0.5)
    jbuilder (2.9.1)
      activesupport (>= 4.2.0)
    jmespath (1.4.0)
    jquery-rails (4.4.0)
      rails-dom-testing (>= 1, < 3)
      railties (>= 4.2.0)
      thor (>= 0.14, < 2.0)
    jquery-turbolinks (2.1.0)
      railties (>= 3.1.0)
      turbolinks
    json (2.5.1)
    jwt (2.2.2)
    kaminari (1.2.1)
      activesupport (>= 4.1.0)
      kaminari-actionview (= 1.2.1)
      kaminari-activerecord (= 1.2.1)
      kaminari-core (= 1.2.1)
    kaminari-actionview (1.2.1)
      actionview
      kaminari-core (= 1.2.1)
    kaminari-activerecord (1.2.1)
      activerecord
      kaminari-core (= 1.2.1)
    kaminari-core (1.2.1)
    launchy (2.5.0)
      addressable (~> 2.7)
    leaflet-rails (0.7.4)
    letter_opener (1.7.0)
      launchy (~> 2.2)
    libv8 (3.16.14.19)
    listen (3.0.3)
      rb-fsevent (>= 0.9.3)
      rb-inotify (>= 0.9)
    lodash-rails (4.17.15)
      railties (>= 3.1)
    loofah (2.9.1)
      crass (~> 1.0.2)
      nokogiri (>= 1.5.9)
    lumberjack (1.0.9)
    machinist (1.0.6)
    mail (2.7.1)
      mini_mime (>= 0.1.1)
    mechanize (2.7.7)
      domain_name (~> 0.5, >= 0.5.1)
      http-cookie (~> 1.0)
      mime-types (>= 1.17.2)
      net-http-digest_auth (~> 1.1, >= 1.1.1)
      net-http-persistent (>= 2.5.2)
      nokogiri (~> 1.6)
      ntlm-http (~> 0.1, >= 0.1.1)
      webrick (~> 1.7)
      webrobots (>= 0.0.9, < 0.2)
    method_source (1.0.0)
    mime-types (2.99.3)
    mini_mime (1.1.0)
    mini_portile2 (2.5.0)
    minitest (5.14.4)
    multi_json (1.15.0)
    multi_test (0.1.2)
    multi_xml (0.6.0)
    multipart-post (2.1.1)
    mysql2 (0.5.3)
    nenv (0.3.0)
    net-http-digest_auth (1.4.1)
    net-http-persistent (4.0.1)
      connection_pool (~> 2.2)
    net-scp (1.2.1)
      net-ssh (>= 2.6.5)
    net-ssh (2.9.2)
    netrc (0.11.0)
    newrelic_rpm (6.15.0)
    nio4r (2.5.7)
    nokogiri (1.11.3)
      mini_portile2 (~> 2.5.0)
      racc (~> 1.4)
    notiffany (0.0.7)
      nenv (~> 0.1)
      shellany (~> 0.0)
    ntlm-http (0.1.1)
    nuntium_api (0.21)
      json
      rest-client
    oauth2 (1.4.7)
      faraday (>= 0.8, < 2.0)
      jwt (>= 1.0, < 3.0)
      multi_json (~> 1.3)
      multi_xml (~> 0.5)
      rack (>= 1.2, < 3)
    oj (3.11.3)
    omniauth (2.0.4)
      hashie (>= 3.4.6)
      rack (>= 1.6.2, < 3)
      rack-protection
    omniauth-google-oauth2 (1.0.0)
      jwt (>= 2.0)
      oauth2 (~> 1.1)
      omniauth (~> 2.0)
      omniauth-oauth2 (~> 1.7.1)
    omniauth-oauth2 (1.7.1)
      oauth2 (~> 1.4)
      omniauth (>= 1.9, < 3)
    orm_adapter (0.5.0)
    paranoia (2.4.3)
      activerecord (>= 4.0, < 6.2)
    poltergeist (1.18.1)
      capybara (>= 2.1, < 4)
      cliver (~> 0.3.1)
      websocket-driver (>= 0.2.0)
    power_assert (0.2.4)
    premailer (1.14.2)
      addressable
      css_parser (>= 1.6.0)
      htmlentities (>= 4.0.0)
    premailer-rails (1.11.1)
      actionmailer (>= 3)
      premailer (~> 1.7, >= 1.7.9)
    pry (0.13.1)
      coderay (~> 1.1)
      method_source (~> 1.0)
    pry-byebug (3.9.0)
      byebug (~> 11.0)
      pry (~> 0.13.0)
    pry-clipboard (0.1.1)
      clipboard
      pry
    pry-rescue (1.5.2)
      interception (>= 0.5)
      pry (>= 0.12.0)
    pry-stack_explorer (0.6.1)
      binding_of_caller (~> 1.0)
      pry (~> 0.13)
    public_suffix (4.0.6)
    puma (5.2.2)
      nio4r (~> 2.0)
    raabro (1.4.0)
    racc (1.5.2)
    rack (2.2.3)
    rack-protection (2.1.0)
      rack
    rack-test (0.6.3)
      rack (>= 1.0)
    rails (5.0.7.2)
      actioncable (= 5.0.7.2)
      actionmailer (= 5.0.7.2)
      actionpack (= 5.0.7.2)
      actionview (= 5.0.7.2)
      activejob (= 5.0.7.2)
      activemodel (= 5.0.7.2)
      activerecord (= 5.0.7.2)
      activesupport (= 5.0.7.2)
      bundler (>= 1.3.0)
      railties (= 5.0.7.2)
      sprockets-rails (>= 2.0.0)
    rails-assets-es5-shim (4.3.1)
    rails-assets-urijs (1.17.0)
    rails-dom-testing (2.0.3)
      activesupport (>= 4.2.0)
      nokogiri (>= 1.6)
    rails-html-sanitizer (1.3.0)
      loofah (~> 2.3)
    rails-i18n (5.0.4)
      i18n (~> 0.7)
      railties (~> 5.0)
    railties (5.0.7.2)
      actionpack (= 5.0.7.2)
      activesupport (= 5.0.7.2)
      method_source
      rake (>= 0.8.7)
      thor (>= 0.18.1, < 2.0)
    rake (13.0.3)
    rb-fsevent (0.9.5)
    rb-inotify (0.9.5)
      ffi (>= 0.5.0)
    rchardet (1.8.0)
    rdoc (6.3.0)
    react-rails (2.6.1)
      babel-transpiler (>= 0.7.0)
      connection_pool
      execjs
      railties (>= 3.2)
      tilt
    redis (4.2.5)
    ref (2.0.0)
    regexp_parser (2.1.1)
    request_store (1.5.0)
      rack (>= 1.4)
    responders (3.0.1)
      actionpack (>= 5.0)
      railties (>= 5.0)
    rest-client (1.8.0)
      http-cookie (>= 1.0.2, < 2.0)
      mime-types (>= 1.16, < 3.0)
      netrc (~> 0.7)
    rspec (3.10.0)
      rspec-core (~> 3.10.0)
      rspec-expectations (~> 3.10.0)
      rspec-mocks (~> 3.10.0)
    rspec-collection_matchers (1.1.2)
      rspec-expectations (>= 2.99.0.beta1)
    rspec-core (3.10.1)
      rspec-support (~> 3.10.0)
    rspec-expectations (3.10.1)
      diff-lcs (>= 1.2.0, < 2.0)
      rspec-support (~> 3.10.0)
    rspec-mocks (3.10.2)
      diff-lcs (>= 1.2.0, < 2.0)
      rspec-support (~> 3.10.0)
    rspec-rails (4.1.2)
      actionpack (>= 4.2)
      activesupport (>= 4.2)
      railties (>= 4.2)
      rspec-core (~> 3.10)
      rspec-expectations (~> 3.10)
      rspec-mocks (~> 3.10)
      rspec-support (~> 3.10)
    rspec-support (3.10.2)
    ruby2_keywords (0.0.4)
    ruby_parser (3.15.1)
      sexp_processor (~> 4.9)
    rubyzip (2.3.0)
    safe_yaml (1.0.4)
    sass (3.4.25)
    sass-rails (5.0.7)
      railties (>= 4.0.0, < 6)
      sass (~> 3.1)
      sprockets (>= 2.8, < 4.0)
      sprockets-rails (>= 2.0, < 4.0)
      tilt (>= 1.1, < 3)
    sdoc (2.1.0)
      rdoc (>= 5.0)
    sexp_processor (4.15.2)
    shellany (0.0.1)
    shoulda (3.5.0)
      shoulda-context (~> 1.0, >= 1.0.1)
      shoulda-matchers (>= 1.4.1, < 3.0)
    shoulda-context (1.2.1)
    shoulda-matchers (2.8.0)
      activesupport (>= 3.0.0)
    sidekiq (5.1.3)
      concurrent-ruby (~> 1.0)
      connection_pool (~> 2.2, >= 2.2.0)
      rack-protection (>= 1.5.0)
      redis (>= 3.3.5, < 5)
    sidekiq-cron (1.2.0)
      fugit (~> 1.1)
      sidekiq (>= 4.2.1)
    site_prism (3.7.1)
      addressable (~> 2.5)
      capybara (~> 3.8)
      site_prism-all_there (>= 0.3.1, < 1.0)
    site_prism-all_there (0.3.2)
    spring (1.3.6)
    spring-commands-rspec (1.0.4)
      spring (>= 0.9.1)
    sprockets (3.7.2)
      concurrent-ruby (~> 1.0)
      rack (> 1, < 3)
    sprockets-rails (3.2.2)
      actionpack (>= 4.0)
      activesupport (>= 4.0)
      sprockets (>= 3.0.0)
    sshkit (1.7.1)
      colorize (>= 0.7.0)
      net-scp (>= 1.1.2)
      net-ssh (>= 2.8.0)
    temple (0.8.2)
    test-unit (3.1.3)
      power_assert
    testrail_rspec_formatter (0.2.0)
      rspec (~> 3.0)
    therubyracer (0.12.2)
      libv8 (~> 3.16.14.0)
      ref
    thor (1.1.0)
    thread_safe (0.3.6)
    tilt (2.0.10)
    timecop (0.8.0)
    tire (0.6.2)
      activemodel (>= 3.0)
      activesupport
      ansi
      hashr (~> 0.0.19)
      multi_json (~> 1.3)
      rake
      rest-client (~> 1.6)
    trollop (2.1.2)
    turbolinks (5.2.1)
      turbolinks-source (~> 5.2)
    turbolinks-source (5.2.0)
    tzinfo (1.2.9)
      thread_safe (~> 0.1)
    uglifier (2.7.2)
      execjs (>= 0.3.0)
      json (>= 1.8.0)
    unf (0.1.4)
      unf_ext
    unf_ext (0.0.7.7)
    vcr (2.9.3)
    warden (1.2.9)
      rack (>= 2.0.9)
    web-console (2.2.1)
      activemodel (>= 4.0)
      binding_of_caller (>= 0.7.2)
      railties (>= 4.0)
      sprockets-rails (>= 2.0, < 4.0)
    webmock (1.21.0)
      addressable (>= 2.3.6)
      crack (>= 0.3.2)
    webrick (1.7.0)
    webrobots (0.1.2)
    websocket-driver (0.6.5)
      websocket-extensions (>= 0.1.0)
    websocket-extensions (0.1.5)
    wicked_pdf (2.1.0)
      activesupport
    xpath (3.2.0)
      nokogiri (~> 1.8)

PLATFORMS
  ruby

DEPENDENCIES
  awesome_nested_set (~> 3.4.0)
  aws-sdk-s3 (~> 1.93.1)
  barby (~> 0.6.8)
  base58 (~> 0.2.3)
  capistrano (~> 3.1.0)
  capistrano-bundler (~> 1.1)
  capistrano-rails (~> 1.1)
  capistrano-rvm (~> 0.1)
  capybara (~> 3.35.3)
  capybara-mechanize (~> 1.11.0)
  capybara-screenshot (~> 1.0.25)
  cdx!
  cdx-api-elasticsearch!
  cdx-sync-server!
  chunky_png (~> 1.4.0)
  config (~> 3.1.0)
  csv_builder (~> 2.1.3)
  cucumber-rails (~> 2.0.0)
  d3_rails (~> 4.1.1)
  database_cleaner
  decent_exposure (~> 3.0.4)
  devise (~> 4.7.3)
  devise_invitable (~> 2.0.4)
  devise_security_extension!
  doorkeeper
  dotiw
  elasticsearch
  encryptor
  faker
  foreman (~> 0.87.2)
  geojson_import!
  gon (~> 6.4.0)
  guard-rspec
  guid
  haml-rails (~> 1.0.0)
  hashdiff
  jbuilder (~> 2.9.1)
  jquery-rails (~> 4.4.0)
  jquery-turbolinks (~> 2.1.0)
  kaminari (~> 1.2.1)
  leaflet-rails
  letter_opener (~> 1.7.0)
  location_service!
  lodash-rails (~> 4.17.15)
  machinist (~> 1.0)
  mysql2 (~> 0.5.3)
  newrelic_rpm (~> 6.15.0)
  nokogiri (~> 1.11.3)
  nuntium_api (~> 0.21)
  oj (~> 3.11.3)
  omniauth (~> 2.0.4)
  omniauth-google-oauth2 (~> 1.0.0)
  paperclip!
  paranoia (~> 2.4.3)
  poirot_rails!
  poltergeist (~> 1.18.1)
  premailer-rails (~> 1.11.1)
  pry-byebug (~> 3.9.0)
  pry-clipboard (~> 0.1.1)
  pry-rescue (~> 1.5.2)
  pry-stack_explorer (~> 0.6.1)
  puma (~> 5.2.2)
  rails (~> 5.0.7)
  rails-assets-es5-shim!
  rails-assets-urijs!
  rails-i18n (~> 5.0.0)
  rchardet (~> 1.8.0)
  react-rails (~> 2.6.1)
  rest-client (~> 1.6)
  rspec (~> 3.10.0)
  rspec-collection_matchers
  rspec-rails (~> 4.1.2)
  rubyzip (~> 2.3.0)
  sass-rails (~> 5.0.0)
  sdoc
  shoulda
  sidekiq (~> 5.1.3)
  sidekiq-cron (~> 1.2.0)
  site_prism (~> 3.7.1)
  spring
  spring-commands-rspec
  test-unit
  testrail_rspec_formatter
  therubyracer
  timecop
  tire
  turbolinks (~> 5.2.1)
  uglifier (>= 2.7.2)
  vcr
  view_components!
  web-console (~> 2.0)
  webmock
  wicked_pdf (~> 2.1)

BUNDLED WITH
   1.17.3
